GEM
  remote: https://rubygems.org/
  specs:
    mini_portile2 (2.7.1)
    nokogiri (1.13.1)
      mini_portile2 (~> 2.7.0)
      racc (~> 1.4)
    racc (1.6.0)
    roo (2.8.3)
      nokogiri (~> 1)
      rubyzip (>= 1.3.0, < 3.0.0)
    rubyzip (2.3.2)

PLATFORMS
  ruby

DEPENDENCIES
  nokogiri
  roo

BUNDLED WITH
   2.1.4
